PATH
  remote: ~/Projects/compass
  specs:
    compass (0.13.alpha.4.ae01286)
      chunky_png (~> 1.2)
      listen (~> 1.1.0)
      sass (>= 3.2.5, < 3.4)

PATH
  remote: ~/Projects/sass
  specs:
    sass (3.3.0.alpha.0)
      listen (~> 1.1.0)

GEM
  remote: http://rubygems.org/
  specs:
    addressable (2.2.8)
    chunky_png (1.2.8)
    coderay (1.0.9)
    em-websocket (0.3.8)
      addressable (>= 2.1.1)
      eventmachine (>= 0.12.9)
    eventmachine (0.12.10)
    ffi (1.9.0)
    guard (1.2.3)
      listen (>= 0.4.2)
      thor (>= 0.14.6)
    guard-compass (0.0.6)
      compass (>= 0.10.5)
      guard (>= 0.2.1)
    guard-livereload (1.0.0)
      em-websocket (>= 0.2.0)
      guard (>= 1.1.0)
      multi_json (~> 1.0)
    heroku (2.23.0)
      launchy (>= 0.3.2)
      netrc (~> 0.7.1)
      rest-client (~> 1.6.1)
      rubyzip
    launchy (2.1.0)
      addressable (~> 2.2.6)
    listen (1.1.6)
      rb-fsevent (>= 0.9.3)
      rb-inotify (>= 0.9)
      rb-kqueue (>= 0.2)
    method_source (0.8.1)
    mime-types (1.19)
    multi_json (1.3.6)
    netrc (0.7.1)
    pry (0.9.12.2)
      coderay (~> 1.0.5)
      method_source (~> 0.8)
      slop (~> 3.4)
    rack (1.4.1)
    rack-protection (1.2.0)
      rack
    rb-fsevent (0.9.3)
    rb-inotify (0.9.0)
      ffi (>= 0.5.0)
    rb-kqueue (0.2.0)
      ffi (>= 0.5.0)
    rest-client (1.6.7)
      mime-types (>= 1.16)
    rubyzip (0.9.9)
    sinatra (1.3.2)
      rack (~> 1.3, >= 1.3.6)
      rack-protection (~> 1.2)
      tilt (~> 1.3, >= 1.3.3)
    slop (3.4.5)
    thor (0.14.6)
    tilt (1.3.3)

PLATFORMS
  ruby

DEPENDENCIES
  compass!
  guard
  guard-compass
  guard-livereload
  heroku
  pry
  sass!
  sinatra
